GEM
  remote: https://rubygems.org/
  specs:
    em-midori (0.4.3)
      midori_http_parser (~> 0.6.1)
      murasaki (~> 0.1)
      mustermann (~> 1.0)
    hiredis (0.6.1)
    midori-contrib (0.1.1)
      em-midori (~> 0.3)
    midori_http_parser (0.6.1.3)
    murasaki (0.1.0)
      nio4r (~> 2.0)
    mustermann (1.0.1)
    nest (3.1.1)
      redic
    nio4r (2.1.0)
    ohm (3.1.1)
      nest (~> 3)
      redic (~> 1.5.0)
      stal
    redic (1.5.0)
      hiredis
    stal (0.3.0)
      redic (~> 1.5)
    tilt (2.0.8)

PLATFORMS
  ruby

DEPENDENCIES
  bundler (~> 1.0)
  em-midori (~> 0.4.0)
  hiredis (~> 0.6.0)
  midori-contrib (~> 0.1.0)
  ohm (~> 3.0)
  tilt (~> 2.0.0)

RUBY VERSION
   ruby 2.4.2p198

BUNDLED WITH
   1.15.4
