GEM
  remote: https://rubygems.org/
  specs:
    base62 (1.0.0)
    diff-lcs (1.3)
    em-midori (0.4.3)
      midori_http_parser (~> 0.6.1)
      murasaki (~> 0.1)
      mustermann (~> 1.0)
    midori_http_parser (0.6.1.3)
    murasaki (0.1.0)
      nio4r (~> 2.0)
    mustermann (1.0.1)
    nio4r (2.1.0)
    rake (12.1.0)
    rspec (3.6.0)
      rspec-core (~> 3.6.0)
      rspec-expectations (~> 3.6.0)
      rspec-mocks (~> 3.6.0)
    rspec-core (3.6.0)
      rspec-support (~> 3.6.0)
    rspec-expectations (3.6.0)
      diff-lcs (>= 1.2.0, < 2.0)
      rspec-support (~> 3.6.0)
    rspec-mocks (3.6.0)
      diff-lcs (>= 1.2.0, < 2.0)
      rspec-support (~> 3.6.0)
    rspec-support (3.6.0)
    uuid64 (0.0.7)
      base62 (~> 1.0)

PLATFORMS
  ruby

DEPENDENCIES
  bundler (~> 1.0)
  em-midori (~> 0.4.0)
  rake (~> 12.0)
  rspec (~> 3.0)
  uuid64

RUBY VERSION
   ruby 2.4.2p198

BUNDLED WITH
   1.15.4
