GEM
  remote: https://rubygems.org/
  specs:
    em-midori (0.4.3)
      midori_http_parser (~> 0.6.1)
      murasaki (~> 0.1)
      mustermann (~> 1.0)
    midori_http_parser (0.6.1.3)
    murasaki (0.1.0)
      nio4r (~> 2.0)
    mustermann (1.0.1)
    nio4r (2.1.0)
    tilt (2.0.8)

PLATFORMS
  ruby

DEPENDENCIES
  bundler (~> 1.0)
  em-midori (~> 0.4.0)
  tilt (~> 2.0.0)

RUBY VERSION
   ruby 2.4.2p198

BUNDLED WITH
   1.15.4
